GIT
  remote: git://github.com/flori/json.git
  revision: 2c0f8d2c9b15a33b8d10ffcb1959aef54d320b57
  ref: 2c0f8d
  specs:
    json_pure (1.4.6a)

GIT
  remote: git://github.com/parndt/authlogic.git
  revision: 7e3fbbbdeca7ee3c20b4d8826fc5969c08e59f59
  specs:
    authlogic (2.1.6)
      activesupport

GIT
  remote: git://github.com/parndt/capybara.git
  revision: 4cfe882c982682e71c13c877e7f14fd862a9e565
  specs:
    capybara (0.4.0)
      celerity (>= 0.7.9)
      culerity (>= 0.2.4)
      mime-types (>= 1.16)
      nokogiri (>= 1.3.3)
      rack (>= 1.0.0)
      rack-test (>= 0.5.4)
      selenium-webdriver (>= 0.0.27)
      xpath (~> 0.1.2)

GIT
  remote: git://github.com/parndt/friendly_id
  revision: a0ce59bc100d2c71f1db0683a63007f6d130c795
  branch: globalize3
  specs:
    friendly_id (3.1.8)
      babosa (~> 0.2.0)

GIT
  remote: git://github.com/refinerycms/routing-filter.git
  revision: 94a072118410475b0e872b050dc731ef136f1180
  specs:
    routing-filter (0.2.0)
      actionpack

GIT
  remote: git://github.com/resolve/refinerycms-generators.git
  revision: 0112f261a938017faa28389de4ac7341a9b0d745
  specs:
    refinerycms-generators (0.9.9)

GIT
  remote: git://github.com/resolve/refinerycms-i18n.git
  revision: 9291626998da4c20703fd1fffcd2ea6e47f8cbfc
  specs:
    refinerycms-i18n (0.9.8.12)
      refinerycms (>= 0.9.8)
      routing-filter (~> 0.1)

PATH
  remote: .
  specs:
    refinerycms (0.9.9)
      acts_as_indexed (~> 0.6.6)
      authlogic (~> 2.1.6)
      bundler (~> 1.0.5)
      dragonfly (~> 0.8.1)
      friendly_id (~> 3.1.8)
      globalize3
      moretea-awesome_nested_set (= 1.4.3.1)
      rack-cache (~> 0.5.2)
      rails (~> 3.0.3)
      rdoc (>= 2.5.11)
      truncate_html (= 0.4)
      will_paginate (~> 3.0.pre)

GEM
  remote: http://rubygems.org/
  specs:
    ZenTest (4.4.2)
    abstract (1.0.0)
    actionmailer (3.0.3)
      actionpack (= 3.0.3)
      mail (~> 2.2.9)
    actionpack (3.0.3)
      activemodel (= 3.0.3)
      activesupport (= 3.0.3)
      builder (~> 2.1.2)
      erubis (~> 2.6.6)
      i18n (~> 0.4)
      rack (~> 1.2.1)
      rack-mount (~> 0.6.13)
      rack-test (~> 0.5.6)
      tzinfo (~> 0.3.23)
    activemodel (3.0.3)
      activesupport (= 3.0.3)
      builder (~> 2.1.2)
      i18n (~> 0.4)
    activerecord (3.0.3)
      activemodel (= 3.0.3)
      activesupport (= 3.0.3)
      arel (~> 2.0.2)
      tzinfo (~> 0.3.23)
    activeresource (3.0.3)
      activemodel (= 3.0.3)
      activesupport (= 3.0.3)
    activesupport (3.0.3)
    acts_as_indexed (0.6.6)
    arel (2.0.6)
    autotest (4.4.6)
      ZenTest (>= 4.4.1)
    autotest-notification (2.3.1)
      autotest (~> 4.3)
    autotest-rails (4.1.0)
      ZenTest
    babosa (0.2.0)
    builder (2.1.2)
    celerity (0.8.6)
    childprocess (0.1.6)
      ffi (~> 0.6.3)
    configuration (1.2.0)
    cucumber (0.10.0)
      builder (>= 2.1.2)
      diff-lcs (~> 1.1.2)
      gherkin (~> 2.3.2)
      json (~> 1.4.6)
      term-ansicolor (~> 1.0.5)
    cucumber-rails (0.3.2)
      cucumber (>= 0.8.0)
    culerity (0.2.13)
    database_cleaner (0.6.0)
    diff-lcs (1.1.2)
    dragonfly (0.8.1)
      rack
    erubis (2.6.6)
      abstract (>= 1.0.0)
    factory_girl (1.3.2)
    ffi (0.6.3)
      rake (>= 0.8.7)
    gherkin (2.3.3)
      json (~> 1.4.6)
    globalize3 (0.0.10)
      activemodel (>= 3.0.0)
      activerecord (>= 3.0.0)
    i18n (0.5.0)
    json (1.4.6)
    launchy (0.3.7)
      configuration (>= 0.0.5)
      rake (>= 0.8.1)
    mail (2.2.13)
      activesupport (>= 2.3.6)
      i18n (>= 0.4.0)
      mime-types (~> 1.16)
      treetop (~> 1.4.8)
    mime-types (1.16)
    moretea-awesome_nested_set (1.4.3.1)
      activerecord (~> 3.0.0)
    nokogiri (1.4.4)
    polyglot (0.3.1)
    rack (1.2.1)
    rack-cache (0.5.3)
      rack (>= 0.4)
    rack-mount (0.6.13)
      rack (>= 1.0.0)
    rack-test (0.5.6)
      rack (>= 1.0)
    rails (3.0.3)
      actionmailer (= 3.0.3)
      actionpack (= 3.0.3)
      activerecord (= 3.0.3)
      activeresource (= 3.0.3)
      activesupport (= 3.0.3)
      bundler (~> 1.0)
      railties (= 3.0.3)
    railties (3.0.3)
      actionpack (= 3.0.3)
      activesupport (= 3.0.3)
      rake (>= 0.8.7)
      thor (~> 0.14.4)
    rake (0.8.7)
    rdoc (3.0.1)
    rspec (2.3.0)
      rspec-core (~> 2.3.0)
      rspec-expectations (~> 2.3.0)
      rspec-mocks (~> 2.3.0)
    rspec-core (2.3.1)
    rspec-expectations (2.3.0)
      diff-lcs (~> 1.1.2)
    rspec-mocks (2.3.0)
    rspec-rails (2.3.1)
      actionpack (~> 3.0)
      activesupport (~> 3.0)
      railties (~> 3.0)
      rspec (~> 2.3.0)
    ruby-prof (0.9.2)
    rubyzip (0.9.4)
    selenium-webdriver (0.1.2)
      childprocess (~> 0.1.5)
      ffi (~> 0.6.3)
      json_pure
      rubyzip
    spork (0.8.4)
    sqlite3-ruby (1.3.2)
    term-ansicolor (1.0.5)
    thor (0.14.6)
    treetop (1.4.9)
      polyglot (>= 0.3.1)
    truncate_html (0.4.0)
    tzinfo (0.3.23)
    will_paginate (3.0.pre2)
    xpath (0.1.2)
      nokogiri (~> 1.3)

PLATFORMS
  ruby

DEPENDENCIES
  authlogic!
  autotest
  autotest-notification
  autotest-rails
  capybara!
  cucumber-rails
  database_cleaner
  factory_girl
  friendly_id!
  gherkin
  json_pure (= 1.4.6a)!
  launchy
  rack-test (~> 0.5.6)
  refinerycms!
  refinerycms-generators (~> 0.9.9)!
  refinerycms-i18n!
  routing-filter!
  rspec-rails (~> 2.3)
  ruby-prof
  spork
  sqlite3-ruby
